GIT
  remote: git://github.com/n1ckbren/youtube-dl.rb
  revision: b8423e3713f7f5f74a52fc987c324178315a8d78
  specs:
    youtube-dl.rb (0.3.1.2017.06.25)
      cocaine (>= 0.5.4)

PATH
  remote: .
  specs:
    muvy (0.1.0)
      mini_magick
      slop
      streamio-ffmpeg (~> 3.0.2)
      youtube-dl.rb

GEM
  remote: https://rubygems.org/
  specs:
    climate_control (0.2.0)
    cocaine (0.5.8)
      climate_control (>= 0.0.3, < 1.0)
    diff-lcs (1.3)
    mini_magick (4.8.0)
    multi_json (1.12.2)
    rake (10.5.0)
    rspec (3.6.0)
      rspec-core (~> 3.6.0)
      rspec-expectations (~> 3.6.0)
      rspec-mocks (~> 3.6.0)
    rspec-core (3.6.0)
      rspec-support (~> 3.6.0)
    rspec-expectations (3.6.0)
      diff-lcs (>= 1.2.0, < 2.0)
      rspec-support (~> 3.6.0)
    rspec-mocks (3.6.0)
      diff-lcs (>= 1.2.0, < 2.0)
      rspec-support (~> 3.6.0)
    rspec-support (3.6.0)
    slop (4.5.0)
    streamio-ffmpeg (3.0.2)
      multi_json (~> 1.8)

PLATFORMS
  ruby

DEPENDENCIES
  bundler (~> 1.15)
  muvy!
  rake (~> 10.0)
  rspec (~> 3.0)
  youtube-dl.rb!

BUNDLED WITH
   1.16.0.pre.2
